GIT
  remote: https://github.com/riboseinc/metanorma-standoc.git
  revision: dd8814923dc994c820b87920cb3768822b2b9c43
  branch: fix-dont-open-binary-files-as-utf8-encoded
  specs:
    metanorma-standoc (1.0.14)
      asciidoctor (~> 1.5.7)
      concurrent-ruby
      iev (~> 0.2.0)
      isodoc (~> 0.9.0)
      relaton (~> 0.3.1)
      ruby-jing
      sterile (~> 1.0.14)

PATH
  remote: .
  specs:
    metanorma (0.3.5)
      asciidoctor

GEM
  remote: https://rubygems.org/
  specs:
    addressable (2.5.2)
      public_suffix (>= 2.0.2, < 4.0)
    algoliasearch (1.25.2)
      httpclient (~> 2.8, >= 2.8.3)
      json (>= 1.5.1)
    asciidoctor (1.5.8)
    asciimath (1.0.7)
    byebug (10.0.2)
    cnccs (0.1.3)
    concurrent-ruby (1.1.4)
    diff-lcs (1.3)
    equivalent-xml (0.6.0)
      nokogiri (>= 1.4.3)
    ffi (1.9.25)
    gb-agencies (0.0.5)
    gbbib (0.4.3)
      cnccs (~> 0.1.1)
      gb-agencies (~> 0.0.1)
      iso-bib-item (~> 0.4.2)
    html2doc (0.8.8)
      asciimath (~> 1.0.7)
      htmlentities (~> 4.3.4)
      image_size
      mime-types
      nokogiri
      ruby-xslt
      thread_safe
      uuidtools
    htmlentities (4.3.4)
    httpclient (2.8.3)
    iecbib (0.2.2)
      addressable
      iso-bib-item (~> 0.4.2)
    ietfbib (0.4.5)
      iso-bib-item (~> 0.4.2)
    iev (0.2.0)
      nokogiri
    image_size (2.0.0)
    iso-bib-item (0.4.4)
      isoics (~> 0.1.6)
      nokogiri (~> 1.8.4)
      ruby_deep_clone (~> 0.8.0)
    isobib (0.4.3)
      algoliasearch
      iecbib (~> 0.2.1)
      iso-bib-item (~> 0.4.2)
    isodoc (0.9.13)
      asciimath
      html2doc (~> 0.8.6)
      htmlentities (~> 4.3.4)
      liquid
      metanorma (~> 0.3.0)
      nokogiri
      rake (~> 12.0)
      roman-numerals
      ruby-xslt
      sassc (~> 1.12.1)
      thread_safe
      uuidtools
    isoics (0.1.7)
    json (2.1.0)
    liquid (4.0.1)
    metanorma-iso (1.0.13)
      asciidoctor (~> 1.5.7)
      iev (~> 0.2.0)
      isodoc (~> 0.9.8)
      metanorma-standoc (~> 1.0.0)
      ruby-jing
    mime-types (3.2.2)
      mime-types-data (~> 3.2015)
    mime-types-data (3.2018.0812)
    mini_portile2 (2.3.0)
    mixlib-shellout (2.4.4)
    nokogiri (1.8.5)
      mini_portile2 (~> 2.3.0)
    optout (0.0.2)
    public_suffix (3.0.3)
    rake (12.3.2)
    rb-fsevent (0.10.3)
    rb-inotify (0.10.0)
      ffi (~> 1.0)
    relaton (0.3.1)
      algoliasearch
      gbbib (~> 0.4.0)
      iecbib (~> 0.2.0)
      ietfbib (~> 0.4.2)
      iso-bib-item (~> 0.4.2)
      isobib (~> 0.4.0)
    roman-numerals (0.3.0)
    rspec (3.8.0)
      rspec-core (~> 3.8.0)
      rspec-expectations (~> 3.8.0)
      rspec-mocks (~> 3.8.0)
    rspec-command (1.0.3)
      mixlib-shellout (~> 2.0)
      rspec (~> 3.2)
      rspec-its (~> 1.2)
    rspec-core (3.8.0)
      rspec-support (~> 3.8.0)
    rspec-expectations (3.8.2)
      diff-lcs (>= 1.2.0, < 2.0)
      rspec-support (~> 3.8.0)
    rspec-its (1.2.0)
      rspec-core (>= 3.0.0)
      rspec-expectations (>= 3.0.0)
    rspec-mocks (3.8.0)
      diff-lcs (>= 1.2.0, < 2.0)
      rspec-support (~> 3.8.0)
    rspec-support (3.8.0)
    ruby-jing (0.0.1)
      optout (>= 0.0.2)
    ruby-xslt (0.9.10)
    ruby_deep_clone (0.8.0)
    sass (3.7.3)
      sass-listen (~> 4.0.0)
    sass-listen (4.0.0)
      rb-fsevent (~> 0.9, >= 0.9.4)
      rb-inotify (~> 0.9, >= 0.9.7)
    sassc (1.12.1)
      ffi (~> 1.9.6)
      sass (>= 3.3.0)
    sterile (1.0.14)
      nokogiri
    thread_safe (0.3.6)
    uuidtools (2.1.5)

PLATFORMS
  ruby

DEPENDENCIES
  bundler (~> 2.0.1)
  byebug (~> 10.0)
  equivalent-xml (~> 0.6)
  isodoc (= 0.9.13)
  metanorma!
  metanorma-iso (~> 1.0.12)
  metanorma-standoc!
  rake (~> 12.0)
  rspec (~> 3.0)
  rspec-command (~> 1.0.3)

BUNDLED WITH
   2.0.1
